GEM
  remote: http://rubygems.org/
  specs:
    coderay (0.9.8)
    haml (3.1.2)
    method_source (0.6.5)
      ruby_parser (>= 2.0.5)
    pry (0.9.3)
      coderay (>= 0.9.8)
      method_source (>= 0.6.0)
      ruby_parser (>= 2.0.5)
      slop (~> 1.9.0)
    rack (1.3.2)
    ruby_parser (2.3.0)
      sexp_processor (~> 3.0)
    sexp_processor (3.0.6)
    sinatra (1.2.6)
      rack (~> 1.1)
      tilt (>= 1.2.2, < 2.0)
    slop (1.9.1)
    tilt (1.3.3)

PLATFORMS
  ruby

DEPENDENCIES
  haml
  pry
  sinatra
